PATH
  remote: .
  specs:
    java_override (0.1.4-java)

GEM
  remote: http://rubygems.org/
  specs:
    activesupport (3.2.8)
      i18n (~> 0.6)
      multi_json (~> 1.0)
    i18n (0.6.1)
    multi_json (1.3.6)
    rake (0.9.2.2)
    rubygems-tasks (0.2.3)
    shoulda (3.3.2)
      shoulda-context (~> 1.0.1)
      shoulda-matchers (~> 1.4.1)
    shoulda-context (1.0.1)
    shoulda-matchers (1.4.1)
      activesupport (>= 3.0.0)

PLATFORMS
  java

DEPENDENCIES
  bundler (~> 1.0)
  java_override!
  rake (~> 0.8)
  rubygems-tasks (~> 0.2)
  shoulda
